GIT
  remote: https://github.com/upenn-libraries/todo_runner.git
  revision: 6420a9e529394aef45ab2668881a1a943da5f4ad
  branch: master
  specs:
    todo_runner (0.3.2)

GEM
  remote: https://rubygems.org/
  specs:
    coderay (1.1.2)
    method_source (0.9.0)
    pry (0.11.3)
      coderay (~> 1.1.0)
      method_source (~> 0.9.0)
    smarter_csv (1.2.4)

PLATFORMS
  ruby

DEPENDENCIES
  pry
  smarter_csv
  todo_runner!

BUNDLED WITH
   1.16.1
