GEM
  remote: https://rubygems.org/
  remote: http://tuka.library.upenn.int:9292/
  specs:
    coderay (1.1.2)
    method_source (0.9.0)
    pry (0.11.3)
      coderay (~> 1.1.0)
      method_source (~> 0.9.0)
    smarter_csv (1.2.4)
    todo_runner (0.3.1)

PLATFORMS
  ruby

DEPENDENCIES
  pry
  smarter_csv
  todo_runner

BUNDLED WITH
   1.16.0
